GEM
  remote: https://rubygems.org/
  specs:
    diff-lcs (1.3)
    json (2.1.0)
    loader (3.1.0)
    rack (2.0.4)
    rack-app (7.5.1)
      rack
    rack-test (1.0.0)
      rack (>= 1.0, < 3)
    rack-utf8_sanitizer (1.5.0)
      rack (>= 1.0, < 3.0)
    rspec (3.7.0)
      rspec-core (~> 3.7.0)
      rspec-expectations (~> 3.7.0)
      rspec-mocks (~> 3.7.0)
    rspec-core (3.7.1)
      rspec-support (~> 3.7.0)
    rspec-expectations (3.7.0)
      diff-lcs (>= 1.2.0, < 2.0)
      rspec-support (~> 3.7.0)
    rspec-mocks (3.7.0)
      diff-lcs (>= 1.2.0, < 2.0)
      rspec-support (~> 3.7.0)
    rspec-support (3.7.1)

PLATFORMS
  ruby

DEPENDENCIES
  json
  loader
  rack-app
  rack-test
  rack-utf8_sanitizer
  rspec

BUNDLED WITH
   1.16.1
